GEM
  remote: http://rubygems.org/
  specs:
    aws-sdk (1.8.5)
      json (~> 1.4)
      nokogiri (>= 1.4.4)
      uuidtools (~> 2.1)
    diff-lcs (1.1.2)
    extensions (0.6.0)
    flowdock (0.3.1)
      httparty (~> 0.7)
      multi_json
    highline (1.6.19)
    httparty (0.11.0)
      multi_json (~> 1.0)
      multi_xml (>= 0.5.2)
    json (1.8.0)
    mini_portile (0.5.1)
    multi_json (1.7.2)
    multi_xml (0.5.3)
    nokogiri (1.6.0)
      mini_portile (~> 0.5.0)
    progressbar (0.10.0)
    rspec (2.6.0)
      rspec-core (~> 2.6.0)
      rspec-expectations (~> 2.6.0)
      rspec-mocks (~> 2.6.0)
    rspec-core (2.6.4)
    rspec-expectations (2.6.0)
      diff-lcs (~> 1.1.2)
    rspec-mocks (2.6.0)
    s3cp (1.1.31)
      aws-sdk (~> 1.8.3)
      extensions (~> 0.6)
      highline (>= 1.5.1)
      progressbar (~> 0.10.0)
    uuidtools (2.1.4)

PLATFORMS
  ruby

DEPENDENCIES
  flowdock
  rspec
  s3cp
